GIT
  remote: git@github.com:stellar/xdrgen.git
  revision: 6c8d27a3b2314be1fc352f53fcb22e418ba296b5
  specs:
    xdrgen (0.0.1)
      activesupport (~> 4)
      memoist (~> 0.11.0)
      slop (~> 3.4)
      treetop (~> 1.5.3)

GEM
  remote: https://rubygems.org/
  specs:
    activesupport (4.2.4)
      i18n (~> 0.7)
      json (~> 1.7, >= 1.7.7)
      minitest (~> 5.1)
      thread_safe (~> 0.3, >= 0.3.4)
      tzinfo (~> 1.1)
    addressable (2.3.8)
    coderay (1.1.0)
    faraday (0.9.1)
      multipart-post (>= 1.2, < 3)
    i18n (0.7.0)
    json (1.8.3)
    memoist (0.11.0)
    method_source (0.8.2)
    minitest (5.8.0)
    multipart-post (2.0.0)
    netrc (0.10.3)
    octokit (4.1.0)
      sawyer (~> 0.6.0, >= 0.5.3)
    polyglot (0.3.5)
    pry (0.10.1)
      coderay (~> 1.1.0)
      method_source (~> 0.8.1)
      slop (~> 3.4)
    sawyer (0.6.0)
      addressable (~> 2.3.5)
      faraday (~> 0.8, < 0.10)
    slop (3.6.0)
    thread_safe (0.3.5)
    treetop (1.5.3)
      polyglot (~> 0.3)
    tzinfo (1.2.2)
      thread_safe (~> 0.1)

PLATFORMS
  ruby

DEPENDENCIES
  netrc
  octokit
  pry
  xdrgen!
